PATH
  remote: .
  specs:
    minitag (0.1.0)
      minitest (~> 5.0)

GEM
  remote: https://rubygems.org/
  specs:
    minitest (5.14.1)
    rake (13.0.1)

PLATFORMS
  ruby

DEPENDENCIES
  bundler (~> 1.17)
  minitag!
  rake (~> 13.0)

BUNDLED WITH
   1.17.2
